FRAMEWORK: >= NET461
NUGET
  remote: https://www.nuget.org/api/v2
    FAKE (4.45.1)
    NuGet.CommandLine (3.4.3)
    NUnit (3.5)
